GEM
  remote: https://rubygems.org/
  specs:
    haml (6.1.1)
      temple (>= 0.8.2)
      thor
      tilt
    mustermann (3.0.0)
      ruby2_keywords (~> 0.0.1)
    rack (2.2.6.4)
    rack-protection (3.0.5)
      rack
    ruby2_keywords (0.0.5)
    sinatra (3.0.5)
      mustermann (~> 3.0)
      rack (~> 2.2, >= 2.2.4)
      rack-protection (= 3.0.5)
      tilt (~> 2.0)
    temple (0.10.0)
    thor (1.2.1)
    tilt (2.1.0)

PLATFORMS
  ruby

DEPENDENCIES
  haml
  sinatra

BUNDLED WITH
   1.17.2
